PATH
  remote: .
  specs:
    wordsmith (0.0.7)
      git
      kindlegen
      nokogiri (~> 1.5)
      sass (~> 3.1)

GEM
  remote: http://rubygems.org/
  specs:
    ffi (1.14.2-x64-mingw32)
    git (1.8.1)
      rchardet (~> 1.8)
    kindlegen (3.0.5)
      rake
      rubyzip
    nokogiri (1.11.1-x64-mingw32)
      racc (~> 1.4)
    power_assert (2.0.0)
    racc (1.5.2)
    rake (13.0.3)
    rb-fsevent (0.10.4)
    rb-inotify (0.10.1)
      ffi (~> 1.0)
    rchardet (1.8.0)
    rubyzip (2.3.0)
    sass (3.7.4)
      sass-listen (~> 4.0.0)
    sass-listen (4.0.0)
      rb-fsevent (~> 0.9, >= 0.9.4)
      rb-inotify (~> 0.9, >= 0.9.7)
    test-unit (3.4.0)
      power_assert

PLATFORMS
  x64-mingw32

DEPENDENCIES
  rake
  test-unit
  wordsmith!

BUNDLED WITH
   2.1.4
